GEM
  remote: https://rubygems.org/
  specs:
    descriptive_statistics (2.4.0)

PLATFORMS
  ruby

DEPENDENCIES
  descriptive_statistics
